GEM
  remote: https://rubygems.org/
  specs:
    power_assert (0.3.1)
    test-unit (3.2.2)
      power_assert

PLATFORMS
  ruby

DEPENDENCIES
  test-unit

BUNDLED WITH
   1.13.6
